GEM
  remote: https://rubygems.org/
  specs:
    coveralls (0.8.21)
      json (>= 1.8, < 3)
      simplecov (~> 0.14.1)
      term-ansicolor (~> 1.3)
      thor (~> 0.19.4)
      tins (~> 1.6)
    diff-lcs (1.3)
    docile (1.1.5)
    domain_name (0.5.20170404)
      unf (>= 0.0.5, < 1.0.0)
    facter (2.5.1)
    hiera (1.3.4)
      json_pure
    http-cookie (1.0.3)
      domain_name (~> 0.5)
    json (2.1.0)
    json_pure (1.8.6)
    metaclass (0.0.4)
    mime-types (3.1)
      mime-types-data (~> 3.2015)
    mime-types-data (3.2016.0521)
    mocha (1.3.0)
      metaclass (~> 0.0.1)
    netrc (0.11.0)
    puppet (3.8.7)
      facter (> 1.6, < 3)
      hiera (~> 1.0)
      json_pure
    puppet-blacksmith (3.1.1)
      puppet (>= 2.7.16)
      rest-client
    puppet-lint (2.3.3)
    puppet-lint-absolute_classname-check (0.2.5)
      puppet-lint (>= 1.0, < 3.0)
    puppet-lint-absolute_template_path (1.0.1)
      puppet-lint (>= 1.1, < 3.0)
    puppet-lint-alias-check (0.1.1)
      puppet-lint (>= 1.0)
    puppet-lint-classes_and_types_beginning_with_digits-check (0.1.2)
      puppet-lint (>= 1.0, < 3.0)
    puppet-lint-concatenated_template_files-check (0.1.1)
      puppet-lint (>= 1.1, < 3.0)
    puppet-lint-file_ensure-check (0.3.1)
      puppet-lint (>= 1.0, < 3.0)
    puppet-lint-file_source_rights-check (0.1.1)
      puppet-lint (>= 1.0, < 3.0)
    puppet-lint-leading_zero-check (0.1.1)
      puppet-lint (>= 1.0, < 3.0)
    puppet-lint-resource_reference_syntax (1.0.14)
      puppet-lint (>= 1.0, < 3.0)
    puppet-lint-trailing_comma-check (0.3.2)
      puppet-lint (>= 1.0, < 3.0)
    puppet-lint-unquoted_string-check (0.3.0)
      puppet-lint (>= 1.0, < 3.0)
    puppet-lint-version_comparison-check (0.2.1)
      puppet-lint (>= 1.0, < 3.0)
    puppet-syntax (2.4.1)
      rake
    puppetlabs_spec_helper (1.2.2)
      mocha (~> 1.0)
      puppet-lint (~> 2.0)
      puppet-syntax (~> 2.0)
      rspec-puppet (~> 2.0)
    rake (12.3.0)
    rest-client (2.0.2)
      http-cookie (>= 1.0.2, < 2.0)
      mime-types (>= 1.16, < 4.0)
      netrc (~> 0.8)
    rspec (3.1.0)
      rspec-core (~> 3.1.0)
      rspec-expectations (~> 3.1.0)
      rspec-mocks (~> 3.1.0)
    rspec-core (3.1.7)
      rspec-support (~> 3.1.0)
    rspec-expectations (3.1.2)
      diff-lcs (>= 1.2.0, < 2.0)
      rspec-support (~> 3.1.0)
    rspec-mocks (3.1.3)
      rspec-support (~> 3.1.0)
    rspec-puppet (2.6.11)
      rspec
    rspec-support (3.1.2)
    simplecov (0.14.1)
      docile (~> 1.1.0)
      json (>= 1.8, < 3)
      simplecov-html (~> 0.10.0)
    simplecov-html (0.10.2)
    term-ansicolor (1.6.0)
      tins (~> 1.0)
    thor (0.19.4)
    tins (1.16.3)
    unf (0.1.4)
      unf_ext
    unf_ext (0.0.7.5)

PLATFORMS
  ruby

DEPENDENCIES
  coveralls
  json_pure (~> 1.8.0)
  puppet (~> 3.0)
  puppet-blacksmith (~> 3.1.0)
  puppet-lint (>= 0.3.2)
  puppet-lint-absolute_classname-check (>= 0.2.4)
  puppet-lint-absolute_template_path (>= 1.0.1)
  puppet-lint-alias-check (>= 0.1.1)
  puppet-lint-classes_and_types_beginning_with_digits-check (>= 0.1.2)
  puppet-lint-concatenated_template_files-check (>= 0.1.1)
  puppet-lint-file_ensure-check (>= 0.3.1)
  puppet-lint-file_source_rights-check (>= 0.1.1)
  puppet-lint-leading_zero-check (>= 0.1.1)
  puppet-lint-resource_reference_syntax (>= 1.0.10)
  puppet-lint-trailing_comma-check (>= 0.3.2)
  puppet-lint-unquoted_string-check (>= 0.3.0)
  puppet-lint-version_comparison-check (>= 0.2.1)
  puppetlabs_spec_helper (~> 1.2.0)
  rspec (~> 3.1.0)

BUNDLED WITH
   1.16.0
